PATH
  remote: .
  specs:
    minimization (0.2.1)
      rb-gsl (~> 1.2)
      text-table (~> 1.2)

GEM
  remote: https://www.rubygems.org/
  specs:
    diff-lcs (1.2.5)
    ffi (1.0.11)
    file-tail (1.0.12)
      tins (~> 0.5)
    json_pure (1.8.1)
    narray (0.6.0.9)
    rake (10.3.2)
    rb-gsl (1.16.0.2)
      narray (>= 0.5.9)
    rspec (2.99.0)
      rspec-core (~> 2.99.0)
      rspec-expectations (~> 2.99.0)
      rspec-mocks (~> 2.99.0)
    rspec-core (2.99.1)
    rspec-expectations (2.99.2)
      diff-lcs (>= 1.1.3, < 2.0)
    rspec-mocks (2.99.2)
    ruby2ruby (2.1.1)
      ruby_parser (~> 3.1)
      sexp_processor (~> 4.0)
    ruby_parser (3.6.2)
      sexp_processor (~> 4.1)
    rubyforge (2.0.4)
      json_pure (>= 1.1.7)
    sexp_processor (4.4.3)
    sourcify (0.5.0)
      file-tail (>= 1.0.5)
      ruby2ruby (>= 1.2.5)
      ruby_parser (>= 2.0.5)
      sexp_processor (>= 3.0.5)
    text-table (1.2.3)
    tins (0.13.2)

PLATFORMS
  ruby

DEPENDENCIES
  bundler (~> 1.3)
  ffi (~> 1.0.7)
  minimization!
  rake (~> 10)
  rspec (~> 2.0)
  rubyforge (~> 2.0)
  sourcify (~> 0.5.0)
